GEM
  remote: http://rubygems.org/
  specs:
    activesupport (3.0.3)
    builder (2.1.2)
    i18n (0.4.2)
    rack (1.2.1)
    sinatra (1.1.0)
      rack (~> 1.1)
      tilt (~> 1.1)
    tilt (1.1)

PLATFORMS
  ruby

DEPENDENCIES
  activesupport
  builder
  i18n
  sinatra
